GEM
  remote: https://rubygems.org/
  specs:
    json (1.8.3)
    oauth (0.4.7)
    thread_safe (0.3.5)
    tjplurker (1.3.3)
      json
      oauth
    tzinfo (1.2.2)
      thread_safe (~> 0.1)

PLATFORMS
  ruby

DEPENDENCIES
  json
  tjplurker
  tzinfo

BUNDLED WITH
   1.11.2
